GEM
  remote: http://rubygems.org/
  specs:
    activesupport (7.0.4.1)
      concurrent-ruby (~> 1.0, >= 1.0.2)
      i18n (>= 1.6, < 2)
      minitest (>= 5.1)
      tzinfo (~> 2.0)
    addressable (2.3.3)
    async-rack (0.5.1)
      rack (~> 1.1)
    backports (2.6.7)
    bson (1.8.2)
    bson_ext (1.8.2)
      bson (~> 1.8.2)
    builder (3.1.4)
    concurrent-ruby (1.1.10)
    cookiejar (0.3.0)
    descendants_tracker (0.0.1)
    diff-lcs (1.1.3)
    em-http-request (1.0.3)
      addressable (>= 2.2.3)
      cookiejar
      em-socksify
      eventmachine (>= 1.0.0.beta.4)
      http_parser.rb (>= 0.5.3)
    em-mongo (0.4.3)
      bson (>= 1.1.3)
      eventmachine (>= 0.12.10)
    em-socksify (0.2.1)
      eventmachine (>= 1.0.0.beta.4)
    em-synchrony (1.0.3)
      eventmachine (>= 1.0.0.beta.1)
    em-websocket (0.4.0)
      eventmachine (>= 0.12.9)
      http_parser.rb (~> 0.5.3)
    eventmachine (1.0.0)
    foreman (0.61.0)
      thor (>= 0.13.6)
    goliath (1.0.1)
      async-rack
      em-synchrony (>= 1.0.0)
      em-websocket
      eventmachine (>= 1.0.0.beta.4)
      http_parser.rb (= 0.5.3)
      log4r
      multi_json
      rack (>= 1.2.2)
      rack-contrib
      rack-respond_to
    grape (0.3.0)
      activesupport
      builder
      hashie (~> 1.2)
      multi_json (>= 1.3.2)
      multi_xml (>= 0.5.2)
      rack
      rack-accept
      rack-mount
      virtus
    hashie (1.2.0)
    http_parser.rb (0.5.3)
    i18n (1.12.0)
      concurrent-ruby (~> 1.0)
    log4r (1.1.10)
    minitest (5.17.0)
    mongo (1.8.2)
      bson (~> 1.8.2)
    multi_json (1.15.0)
    multi_xml (0.5.3)
    rack (1.5.2)
    rack-accept (0.4.5)
      rack (>= 0.4)
    rack-accept-media-types (0.9)
    rack-contrib (1.1.0)
      rack (>= 0.9.1)
    rack-mount (0.8.3)
      rack (>= 1.0.0)
    rack-respond_to (0.9.8)
      rack-accept-media-types (>= 0.6)
    rack-test (0.6.2)
      rack (>= 1.0)
    rake (10.0.3)
    rspec (2.12.0)
      rspec-core (~> 2.12.0)
      rspec-expectations (~> 2.12.0)
      rspec-mocks (~> 2.12.0)
    rspec-core (2.12.2)
    rspec-expectations (2.12.1)
      diff-lcs (~> 1.1.3)
    rspec-mocks (2.12.2)
    thor (0.17.0)
    tzinfo (2.0.5)
      concurrent-ruby (~> 1.0)
    virtus (0.5.4)
      backports (~> 2.6.1)
      descendants_tracker (~> 0.0.1)
    yajl-ruby (1.1.0)

PLATFORMS
  ruby

DEPENDENCIES
  bson_ext
  bundler
  em-http-request
  em-mongo
  foreman
  goliath
  grape
  mongo
  rack-test
  rake
  rspec
  yajl-ruby
